GIT
  remote: git://github.com/yasulab/socket.io-ruby-client.git
  revision: 936c410b97ea0b3035ccd0c45d2dd8b2690f91a7
  specs:
    socketio-client (0.0.2)
      rest-client

GEM
  remote: https://rubygems.org/
  specs:
    active_support (3.0.0)
      activesupport (= 3.0.0)
    activesupport (3.0.0)
    i18n (0.6.4)
    mime-types (1.23)
    rest-client (1.6.7)
      mime-types (>= 1.16)

PLATFORMS
  ruby

DEPENDENCIES
  active_support
  i18n
  rest-client
  socketio-client!
