GEM
  remote: https://rubygems.org/
  specs:
    active_support (3.0.0)
      activesupport (= 3.0.0)
    activesupport (3.0.0)
    i18n (0.6.4)
    mime-types (1.23)
    rest-client (1.6.7)
      mime-types (>= 1.16)
    socketio-client (0.0.3)
      rest-client

PLATFORMS
  ruby

DEPENDENCIES
  active_support
  i18n
  socketio-client
